GEM
  remote: https://rubygems.org/
  specs:
    amazing_print (1.4.0)
    ebnf (2.3.1)
      amazing_print (~> 1.4)
      htmlentities (~> 4.3)
      rdf (~> 3.2)
      scanf (~> 1.0)
      sxp (~> 1.2)
      unicode-types (~> 1.7)
    htmlentities (4.3.4)
    link_header (0.0.8)
    matrix (0.4.2)
    rdf (3.2.9)
      link_header (~> 0.0, >= 0.0.8)
    scanf (1.0.0)
    sxp (1.2.2)
      matrix
      rdf (~> 3.2)
    unicode-types (1.7.0)

PLATFORMS
  ruby

DEPENDENCIES
  ebnf (= 2.3.1)

BUNDLED WITH
   1.17.2
